PATH
  remote: .
  specs:
    swift_lib_templater (1.0.2)

GEM
  remote: https://rubygems.org/
  specs:
    rake (10.5.0)

PLATFORMS
  ruby

DEPENDENCIES
  bundler (~> 2.0)
  rake (~> 10.0)
  swift_lib_templater!

BUNDLED WITH
   2.1.4
